GEM
  remote: https://rubygems.org/
  specs:
    json (1.5.1)
    kgio (2.3.2)
    rack (1.6.0)
    sinatra (1.1.3)
      rack (~> 1.1)
      tilt (>= 1.2.2, < 2.0)
    tilt (1.2.2)
    unicorn (3.4.0)
      kgio (~> 2.2)
      rack

PLATFORMS
  ruby

DEPENDENCIES
  json
  rack
  sinatra
  unicorn
